GEM
  remote: https://rubygems.org/
  specs:
    liquid (5.5.0)

PLATFORMS
  aarch64-linux
  x86_64-linux

DEPENDENCIES
  liquid

BUNDLED WITH
   2.4.10
